PATH
  remote: .
  specs:
    json_schemer (0.1.0)
      addressable (~> 2.5)
      ecma-re-validator (~> 0.1.2)
      hana (~> 1.3.3)

GEM
  remote: https://rubygems.org/
  specs:
    addressable (2.5.2)
      public_suffix (>= 2.0.2, < 4.0)
    ecma-re-validator (0.1.2)
      regexp_parser (~> 0.2)
    hana (1.3.3)
    minitest (5.11.1)
    public_suffix (3.0.1)
    rake (10.5.0)
    regexp_parser (0.4.9)

PLATFORMS
  ruby

DEPENDENCIES
  bundler (~> 1.16)
  json_schemer!
  minitest (~> 5.0)
  rake (~> 10.0)

BUNDLED WITH
   1.16.1
