PATH
  remote: .
  specs:
    json_schemer (0.1.0)
      ecma-re-validator (~> 0.1.2)
      hana (~> 1.3.3)
      rdf (~> 3.0.1)
      uri_template (~> 0.7.0)

GEM
  remote: https://rubygems.org/
  specs:
    concurrent-ruby (1.0.5)
    ecma-re-validator (0.1.2)
      regexp_parser (~> 0.2)
    hamster (3.0.0)
      concurrent-ruby (~> 1.0)
    hana (1.3.3)
    link_header (0.0.8)
    minitest (5.11.1)
    rake (10.5.0)
    rdf (3.0.1)
      hamster (~> 3.0)
      link_header (~> 0.0, >= 0.0.8)
    regexp_parser (0.4.9)
    uri_template (0.7.0)

PLATFORMS
  ruby

DEPENDENCIES
  bundler (~> 1.16)
  json_schemer!
  minitest (~> 5.0)
  rake (~> 10.0)

BUNDLED WITH
   1.16.1
